GEM
  remote: https://rubygems.org/
  specs:
    actionmailer (4.0.2)
      actionpack (= 4.0.2)
      mail (~> 2.5.4)
    actionpack (4.0.2)
      activesupport (= 4.0.2)
      builder (~> 3.1.0)
      erubis (~> 2.7.0)
      rack (~> 1.5.2)
      rack-test (~> 0.6.2)
    activemodel (4.0.2)
      activesupport (= 4.0.2)
      builder (~> 3.1.0)
    activerecord (4.0.2)
      activemodel (= 4.0.2)
      activerecord-deprecated_finders (~> 1.0.2)
      activesupport (= 4.0.2)
      arel (~> 4.0.0)
    activerecord-deprecated_finders (1.0.3)
    activesupport (4.0.2)
      i18n (~> 0.6, >= 0.6.4)
      minitest (~> 4.2)
      multi_json (~> 1.3)
      thread_safe (~> 0.1)
      tzinfo (~> 0.3.37)
    addressable (2.3.5)
    arel (4.0.1)
    atomic (1.1.14)
    autodoc (0.3.1)
      actionpack
      activesupport (>= 3.0.0)
      rspec
    awesome_print (1.2.0)
    builder (3.1.4)
    coderay (1.1.0)
    crack (0.4.1)
      safe_yaml (~> 0.9.0)
    diff-lcs (1.2.5)
    dotenv (0.9.0)
    dotenv-rails (0.9.0)
      dotenv (= 0.9.0)
    erubis (2.7.0)
    factory_girl (4.3.0)
      activesupport (>= 3.0.0)
    factory_girl_rails (4.3.0)
      factory_girl (~> 4.3.0)
      railties (>= 3.0.0)
    faraday (0.8.8)
      multipart-post (~> 1.2.0)
    hashie (2.0.5)
    hike (1.2.3)
    httpauth (0.2.0)
    i18n (0.6.9)
    json (1.8.1)
    jwt (0.1.8)
      multi_json (>= 1.5)
    mail (2.5.4)
      mime-types (~> 1.16)
      treetop (~> 1.4.8)
    method_source (0.8.2)
    mime-types (1.25.1)
    minitest (4.7.5)
    mono_logger (1.1.0)
    multi_json (1.8.2)
    multipart-post (1.2.0)
    mysql2 (0.3.14)
    oauth2 (0.8.1)
      faraday (~> 0.8)
      httpauth (~> 0.1)
      jwt (~> 0.1.4)
      multi_json (~> 1.0)
      rack (~> 1.2)
    omniauth (1.1.4)
      hashie (>= 1.2, < 3)
      rack
    omniauth-github (1.1.1)
      omniauth (~> 1.0)
      omniauth-oauth2 (~> 1.1)
    omniauth-oauth2 (1.1.1)
      oauth2 (~> 0.8.0)
      omniauth (~> 1.0)
    polyglot (0.3.3)
    pry (0.9.12.4)
      coderay (~> 1.0)
      method_source (~> 0.8)
      slop (~> 3.4)
    pry-rails (0.3.2)
      pry (>= 0.9.10)
    rack (1.5.2)
    rack-accept-default (0.0.2)
      rack
    rack-protection (1.5.1)
      rack
    rack-test (0.6.2)
      rack (>= 1.0)
    rails (4.0.2)
      actionmailer (= 4.0.2)
      actionpack (= 4.0.2)
      activerecord (= 4.0.2)
      activesupport (= 4.0.2)
      bundler (>= 1.3.0, < 2.0)
      railties (= 4.0.2)
      sprockets-rails (~> 2.0.0)
    rails-env-switcher (0.2.3)
      rails (>= 3.0.0)
    railties (4.0.2)
      actionpack (= 4.0.2)
      activesupport (= 4.0.2)
      rake (>= 0.8.7)
      thor (>= 0.18.1, < 2.0)
    rake (10.1.0)
    redis (3.0.6)
    redis-namespace (1.4.1)
      redis (~> 3.0.4)
    resque (1.25.1)
      mono_logger (~> 1.0)
      multi_json (~> 1.0)
      redis-namespace (~> 1.2)
      sinatra (>= 0.9.2)
      vegas (~> 0.1.2)
    rest-client (1.6.7)
      mime-types (>= 1.16)
    rspec (2.14.1)
      rspec-core (~> 2.14.0)
      rspec-expectations (~> 2.14.0)
      rspec-mocks (~> 2.14.0)
    rspec-console (0.2.6)
      rails-env-switcher
    rspec-core (2.14.7)
    rspec-expectations (2.14.4)
      diff-lcs (>= 1.1.3, < 2.0)
    rspec-json_matcher (0.1.2)
      awesome_print
      json
    rspec-mocks (2.14.4)
    rspec-rails (2.14.0)
      actionpack (>= 3.0)
      activesupport (>= 3.0)
      railties (>= 3.0)
      rspec-core (~> 2.14.0)
      rspec-expectations (~> 2.14.0)
      rspec-mocks (~> 2.14.0)
    safe_yaml (0.9.7)
    settingslogic (2.0.9)
    sinatra (1.4.4)
      rack (~> 1.4)
      rack-protection (~> 1.4)
      tilt (~> 1.3, >= 1.3.4)
    slim (2.0.2)
      temple (~> 0.6.6)
      tilt (>= 1.3.3, < 2.1)
    slop (3.4.7)
    sprockets (2.10.1)
      hike (~> 1.2)
      multi_json (~> 1.0)
      rack (~> 1.0)
      tilt (~> 1.1, != 1.3.0)
    sprockets-rails (2.0.1)
      actionpack (>= 3.0)
      activesupport (>= 3.0)
      sprockets (~> 2.8)
    temple (0.6.7)
    thor (0.18.1)
    thread_safe (0.1.3)
      atomic
    tilt (1.4.1)
    treetop (1.4.15)
      polyglot
      polyglot (>= 0.3.1)
    tzinfo (0.3.38)
    vegas (0.1.11)
      rack (>= 1.0.0)
    weak_parameters (0.1.2)
      rails (>= 3.2.11)
    webmock (1.16.1)
      addressable (>= 2.2.7)
      crack (>= 0.3.2)

PLATFORMS
  ruby

DEPENDENCIES
  addressable (= 2.3.5)
  autodoc (= 0.3.1)
  dotenv-rails (= 0.9.0)
  factory_girl_rails (= 4.3.0)
  mysql2 (= 0.3.14)
  omniauth-github (= 1.1.1)
  pry-rails (= 0.3.2)
  rack-accept-default (= 0.0.2)
  rails (= 4.0.2)
  resque (= 1.25.1)
  rest-client (= 1.6.7)
  rspec-console (= 0.2.6)
  rspec-json_matcher (= 0.1.2)
  rspec-rails (= 2.14.0)
  settingslogic (= 2.0.9)
  slim (= 2.0.2)
  weak_parameters (= 0.1.2)
  webmock (= 1.16.1)
